GEM
  remote: https://rubygems.org/
  specs:
    haml (5.2.1)
      temple (>= 0.8.0)
      tilt
    mini_portile2 (2.5.0)
    mustermann (1.1.1)
      ruby2_keywords (~> 0.0.1)
    nokogiri (1.11.2)
      mini_portile2 (~> 2.5.0)
      racc (~> 1.4)
    pg (1.2.3)
    racc (1.5.2)
    rack (2.2.3)
    rack-protection (2.1.0)
      rack
    rake (13.0.3)
    ruby2_keywords (0.0.4)
    sequel (5.42.0)
    sinatra (2.1.0)
      mustermann (~> 1.0)
      rack (~> 2.2)
      rack-protection (= 2.1.0)
      tilt (~> 2.0)
    temple (0.8.2)
    tilt (2.0.10)

PLATFORMS
  ruby

DEPENDENCIES
  haml (~> 5.2)
  nokogiri
  pg (~> 1.2)
  rake
  sequel (~> 5.42)
  sinatra (~> 2.1)

RUBY VERSION
   ruby 2.6.6p146

BUNDLED WITH
   2.1.4
